GEM
  remote: https://rubygems.org/
  specs:
    coderay (1.0.8)
    httparty (0.12.0)
      json (~> 1.8)
      multi_xml (>= 0.5.2)
    json (1.8.1)
    method_source (0.8.1)
    minitest (4.3.2)
    multi_xml (0.5.5)
    pry (0.9.10)
      coderay (~> 1.0.5)
      method_source (~> 0.8)
      slop (~> 3.3.1)
    slop (3.3.3)
    vcr (2.8.0)

PLATFORMS
  ruby

DEPENDENCIES
  httparty
  minitest
  pry
  vcr
